

GEM
  remote: http://rubygems.org/
  specs:
    builder (3.0.0)
    chalofa_ruby-progressbar (0.0.9.1)
    diff-lcs (1.1.2)
    excon (0.7.12)
    fog (1.11.1)
      builder
      excon (~> 0.20)
      formatador (~> 0.2.0)
      json (~> 1.7)
      mime-types
      net-scp (~> 1.1)
      net-ssh (>= 2.1.3)
      nokogiri (~> 1.5.0)
      ruby-hmac
    forgery (0.3.6)
    formatador (0.2.1)
    fuubar (0.0.4)
      chalofa_ruby-progressbar (~> 0.0.9)
      rspec (~> 2.0)
      rspec-instafail (~> 0.1.4)
    mime-types (1.17.2)
    multi_json (1.0.4)
    net-scp (1.0.4)
      net-ssh (>= 1.99.1)
    net-ssh (2.2.1)
    nokogiri (1.5.0)
    rake (0.9.2)
    rspec (2.3.0)
      rspec-core (~> 2.3.0)
      rspec-expectations (~> 2.3.0)
      rspec-mocks (~> 2.3.0)
    rspec-core (2.3.1)
    rspec-expectations (2.3.0)
      diff-lcs (~> 1.1.2)
    rspec-instafail (0.1.7)
    rspec-mocks (2.3.0)
    ruby-hmac (0.4.0)

PLATFORMS
  ruby

DEPENDENCIES
  cabinet!
  forgery
  fuubar
  rake
  rspec (~> 2.3.0)
